GEM
  remote: http://rubygems.org/
  specs:
    activesupport (3.2.8)
      i18n (~> 0.6)
      multi_json (~> 1.0)
    delayed_job (3.0.3)
      activesupport (~> 3.0)
    i18n (0.6.0)
    multi_json (1.3.6)

PLATFORMS
  ruby

DEPENDENCIES
  delayed_job
